GEM
  remote: https://rubygems.org/
  specs:
    minitest (5.11.3)
    minitest-autotest (1.0.3)
      minitest-server (~> 1.0)
    minitest-color (0.0.2)
      minitest (~> 5)
    minitest-server (1.0.5)
      minitest (~> 5.0)

PLATFORMS
  ruby

DEPENDENCIES
  minitest (~> 5.4)
  minitest-autotest (~> 1.0)
  minitest-color (~> 0.0.2)

BUNDLED WITH
   1.17.1
