GEM
  remote: https://rubygems.org/
  specs:
    minitest (5.11.3)
    minitest-color (0.0.2)
      minitest (~> 5)

PLATFORMS
  ruby

DEPENDENCIES
  minitest (~> 5.4)
  minitest-color (~> 0.0.2)

BUNDLED WITH
   1.17.1
